PATH
  remote: .
  specs:
    Caravan (0.3.0)
      colorize
      listen

GEM
  remote: https://rubygems.org/
  specs:
    codeclimate-test-reporter (1.0.8)
      simplecov (<= 0.13)
    colorize (0.8.1)
    docile (1.1.5)
    ffi (1.9.18)
    json (2.1.0)
    listen (3.1.5)
      rb-fsevent (~> 0.9, >= 0.9.4)
      rb-inotify (~> 0.9, >= 0.9.7)
      ruby_dep (~> 1.2)
    minitest (5.10.3)
    rake (10.5.0)
    rb-fsevent (0.10.2)
    rb-inotify (0.9.10)
      ffi (>= 0.5.0, < 2)
    ruby_dep (1.5.0)
    shoulda-context (1.2.2)
    simplecov (0.13.0)
      docile (~> 1.1.0)
      json (>= 1.8, < 3)
      simplecov-html (~> 0.10.0)
    simplecov-html (0.10.2)

PLATFORMS
  ruby

DEPENDENCIES
  Caravan!
  bundler (~> 1.15)
  codeclimate-test-reporter (~> 1.0.0)
  minitest (~> 5.0)
  rake (~> 10.0)
  shoulda-context

BUNDLED WITH
   1.15.4
